GEM
  remote: https://rubygems.org/
  specs:
    ffi (1.9.14)
    filigree (0.3.3)
    rltk (3.0.1)
      ffi (>= 1.0.0)
      filigree (>= 0.2.0)

PLATFORMS
  ruby

DEPENDENCIES
  rltk

BUNDLED WITH
   1.13.6
